PATH
  remote: .
  specs:
    bnm (0.1.0)

GEM
  remote: https://rubygems.org/
  specs:
    addressable (2.4.0)
    htmlentities (4.3.4)
    launchy (2.4.3)
      addressable (~> 2.3)
    rake (10.5.0)

PLATFORMS
  ruby

DEPENDENCIES
  bnm!
  bundler (~> 1.11)
  htmlentities (~> 4.3)
  launchy
  rake (~> 10.0)

BUNDLED WITH
   1.12.5
